PATH
  remote: .
  specs:
    safariwatir (0.4.a1)
      rb-appscript

GEM
  remote: http://rubygems.org/
  specs:
    allison (2.0.3)
    diff-lcs (1.1.3)
    echoe (4.6.3)
      allison (>= 2.0.3)
      gemcutter (>= 0.7.0)
      rake (>= 0.9.2)
      rdoc (>= 3.6.1)
      rubyforge (>= 2.0.4)
    gemcutter (0.7.1)
    json (1.6.5)
    json_pure (1.6.5)
    rack (1.4.1)
    rack-protection (1.2.0)
      rack
    rake (0.9.2.2)
    rb-appscript (0.6.1)
    rdoc (3.12)
      json (~> 1.4)
    rspec (2.8.0)
      rspec-core (~> 2.8.0)
      rspec-expectations (~> 2.8.0)
      rspec-mocks (~> 2.8.0)
    rspec-core (2.8.0)
    rspec-expectations (2.8.0)
      diff-lcs (~> 1.1.2)
    rspec-mocks (2.8.0)
    rubyforge (2.0.4)
      json_pure (>= 1.1.7)
    sinatra (1.3.2)
      rack (~> 1.3, >= 1.3.6)
      rack-protection (~> 1.2)
      tilt (~> 1.3, >= 1.3.3)
    tilt (1.3.3)

PLATFORMS
  ruby

DEPENDENCIES
  echoe
  rb-appscript
  rspec
  safariwatir!
  sinatra
